GEM
  remote: https://rubygems.org/
  specs:
    ffi (1.9.18)
    pycall (0.1.0.alpha.20170403)
      ffi
    rack (1.6.5)
    rack-protection (1.5.3)
      rack
    sinatra (1.4.8)
      rack (~> 1.5)
      rack-protection (~> 1.4)
      tilt (>= 1.3, < 3)
    tilt (2.0.7)

PLATFORMS
  ruby

DEPENDENCIES
  pycall
  sinatra

BUNDLED WITH
   1.14.6
